PATH
  remote: .
  specs:
    ivan (0.0.4)
      serialport (~> 1.3)
      unimidi (~> 0.4.6)

GEM
  remote: https://rubygems.org/
  specs:
    alsa-rawmidi (0.3.1)
      ffi (~> 1.0)
    ffi (1.9.8)
    ffi-coremidi (0.3.7)
      ffi (~> 1.9, >= 1.9.6)
    midi-jruby (0.1.5)
    midi-winmm (0.1.10)
      ffi (>= 1.0)
    minitest (5.6.0)
    rake (10.1.0)
    serialport (1.3.1)
    unimidi (0.4.6)
      alsa-rawmidi (~> 0.3, >= 0.3.1)
      ffi-coremidi (~> 0.3, >= 0.3.5)
      midi-jruby (~> 0.1, >= 0.1.4)
      midi-winmm (~> 0.1, >= 0.1.10)

PLATFORMS
  ruby

DEPENDENCIES
  bundler (~> 1.3)
  ivan!
  minitest (~> 5.6)
  rake (~> 10.1)
