GEM
  remote: https://rubygems.org/
  specs:
    alsa-rawmidi (0.3.1)
      ffi (~> 1.0)
    ansi (1.5.0)
    builder (3.2.2)
    coderay (1.1.0)
    ffi (1.9.8)
    ffi-coremidi (0.3.8)
      ffi (~> 1.9, >= 1.9.6)
    method_source (0.8.2)
    midi-jruby (0.1.5)
    midi-winmm (0.1.10)
      ffi (>= 1.0)
    minitest (5.7.0)
    minitest-reporters (1.0.17)
      ansi
      builder
      minitest (>= 5.0)
      ruby-progressbar
    pry (0.10.1)
      coderay (~> 1.1.0)
      method_source (~> 0.8.1)
      slop (~> 3.4)
    rake (10.4.2)
    ruby-progressbar (1.7.5)
    serialport (1.3.1)
    slop (3.6.0)
    unimidi (0.4.6)
      alsa-rawmidi (~> 0.3, >= 0.3.1)
      ffi-coremidi (~> 0.3, >= 0.3.5)
      midi-jruby (~> 0.1, >= 0.1.4)
      midi-winmm (~> 0.1, >= 0.1.10)

PLATFORMS
  ruby

DEPENDENCIES
  bundler
  minitest
  minitest-reporters
  pry
  rake
  serialport
  unimidi

BUNDLED WITH
   1.10.2
