PATH
  remote: .
  specs:
    ivan (0.0.4)
      serialport (~> 1.3)

GEM
  remote: https://rubygems.org/
  specs:
    minitest (5.6.0)
    rake (10.1.0)
    serialport (1.3.1)

PLATFORMS
  ruby

DEPENDENCIES
  bundler (~> 1.3)
  ivan!
  minitest (~> 5.6)
  rake (~> 10.1)
